PATH
  remote: .
  specs:
    rack-modernizr (0.0.1)
      rack

GEM
  remote: http://rubygems.org/
  specs:
    rack (1.2.1)
    test-spec (0.10.0)
    test-unit (2.1.1)

PLATFORMS
  ruby

DEPENDENCIES
  rack
  rack-modernizr!
  test-spec (>= 0.9.0)
  test-unit
